GEM
  remote: https://rubygems.org/
  specs:
    colorator (0.1)
    cssminify (1.0.2)
    execjs (2.6.0)
    ffi (1.9.10)
    fileutils (0.7)
      rmagick (>= 2.13.1)
    highline (1.6.21)
    jekyll (3.0.1)
      colorator (~> 0.1)
      jekyll-sass-converter (~> 1.0)
      jekyll-watch (~> 1.1)
      kramdown (~> 1.3)
      liquid (~> 3.0)
      mercenary (~> 0.3.3)
      rouge (~> 1.7)
      safe_yaml (~> 1.0)
    jekyll-sass-converter (1.3.0)
      sass (~> 3.2)
    jekyll-sitemap (0.9.0)
    jekyll-watch (1.3.0)
      listen (~> 3.0)
    json (1.8.3)
    kramdown (1.9.0)
    liquid (3.0.6)
    listen (3.0.5)
      rb-fsevent (>= 0.9.3)
      rb-inotify (>= 0.9)
    mercenary (0.3.5)
    mini_portile (0.6.2)
    nokogiri (1.6.6.4)
      mini_portile (~> 0.6.0)
    rake (10.4.2)
    rb-fsevent (0.9.6)
    rb-inotify (0.9.5)
      ffi (>= 0.5.0)
    redcarpet (3.3.3)
    rmagick (2.15.4)
    rouge (1.10.1)
    safe_yaml (1.0.4)
    sass (3.4.19)
    stringex (2.5.2)
    sweetie (1.0.1)
      json (>= 1.6.1)
      nokogiri (>= 1.4.6)
    uglifier (2.5.3)
      execjs (>= 0.3.0)
      json (>= 1.8.0)

PLATFORMS
  ruby

DEPENDENCIES
  colorator (= 0.1.0)
  cssminify (= 1.0.2)
  fileutils (= 0.7)
  highline (= 1.6.21)
  jekyll (= 3.0.1)
  jekyll-sitemap (= 0.9.0)
  rake (= 10.4.2)
  redcarpet (= 3.3.3)
  rouge (= 1.10.1)
  stringex (= 2.5.2)
  sweetie (= 1.0.1)
  uglifier (= 2.5.3)

BUNDLED WITH
   1.10.6
